PATH
  remote: .
  specs:
    miniprofiler-dashboard (0.0.1)
      rack
      rack-mini-profiler

GEM
  remote: https://rubygems.org/
  specs:
    rack (1.5.2)
    rack-mini-profiler (0.9.0)
      rack (>= 1.1.3)
    rake (10.1.1)

PLATFORMS
  ruby

DEPENDENCIES
  miniprofiler-dashboard!
  rake
